GIT
  remote: git://github.com/livingsocial/rake-pipeline.git
  revision: f71caeb1406dafd6af5ab8453db8c5ac53947c92
  specs:
    rake-pipeline (0.6.0)
      rake (~> 0.9.0)
      thor

GIT
  remote: git://github.com/wycats/rake-pipeline-web-filters.git
  revision: e58b9d055de666f6ca972151c125ccfb997c1b1c
  specs:
    rake-pipeline-web-filters (0.6.0)
      rack
      rake-pipeline (~> 0.6)

GEM
  remote: http://rubygems.org/
  specs:
    haml (3.1.4)
    rack (1.4.1)
    rake (0.9.2.2)
    sass (3.1.15)
    thor (0.14.6)
    tilt (1.3.3)

PLATFORMS
  ruby

DEPENDENCIES
  haml
  rake-pipeline!
  rake-pipeline-web-filters!
  sass
  tilt
