GIT
  remote: git://github.com/remiprev/annyong.git
  revision: debf82068559fb17ff5e22b288dc76b67d629cc7
  specs:
    annyong (0.3)
      rack (>= 1.1.0)

GEM
  remote: http://rubygems.org/
  specs:
    rack (1.4.1)
    rake (0.9.2.2)
    rake-pipeline (0.5.0)
      rake (~> 0.9.0)
    rake-pipeline-web-filters (0.5.0)
      rake-pipeline

PLATFORMS
  ruby

DEPENDENCIES
  annyong!
  rake-pipeline-web-filters
